GEM
  remote: https://rubygems.org/
  specs:
    aws-sdk (2.1.27)
      aws-sdk-resources (= 2.1.27)
    aws-sdk-core (2.1.27)
      jmespath (~> 1.0)
    aws-sdk-resources (2.1.27)
      aws-sdk-core (= 2.1.27)
    diff-lcs (1.2.5)
    jmespath (1.1.3)
    jruby-jars (9.0.1.0)
    puck (1.1.2-java)
    rake (10.4.2)
    rspec (3.3.0)
      rspec-core (~> 3.3.0)
      rspec-expectations (~> 3.3.0)
      rspec-mocks (~> 3.3.0)
    rspec-core (3.3.2)
      rspec-support (~> 3.3.0)
    rspec-expectations (3.3.1)
      diff-lcs (>= 1.2.0, < 2.0)
      rspec-support (~> 3.3.0)
    rspec-mocks (3.3.2)
      diff-lcs (>= 1.2.0, < 2.0)
      rspec-support (~> 3.3.0)
    rspec-support (3.3.0)

PLATFORMS
  java

DEPENDENCIES
  aws-sdk (~> 2.1)
  jruby-jars (= 9.0.1.0)
  puck (~> 1.1, >= 1.1.2)
  rake
  rspec (~> 3.3)

BUNDLED WITH
   1.10.6
